GIT
  remote: git://github.com/patrickxb/pony-test.git
  revision: 4644c079eead1d2e269365ff22a6432a1b83219b
  specs:
    pony-test (0.1.0)

GEM
  remote: https://rubygems.org/
  specs:
    daemons (1.3.1)
    erubis (2.7.0)
    eventmachine (1.2.7)
    httparty (0.21.0)
      mini_mime (>= 1.0.0)
      multi_xml (>= 0.5.2)
    mail (2.7.1)
      mini_mime (>= 0.1.1)
    mini_mime (1.0.2)
    multi_xml (0.6.0)
    mustermann (1.1.1)
      ruby2_keywords (~> 0.0.1)
    newrelic_rpm (6.14.0)
    pony (1.13.1)
      mail (>= 2.0)
    power_assert (1.2.0)
    rack (2.2.3)
    rack-protection (2.1.0)
      rack
    rack-test (1.1.0)
      rack (>= 1.0, < 3)
    ruby2_keywords (0.0.2)
    sinatra (2.1.0)
      mustermann (~> 1.0)
      rack (~> 2.2)
      rack-protection (= 2.1.0)
      tilt (~> 2.0)
    test-unit (3.3.8)
      power_assert
    thin (1.8.0)
      daemons (~> 1.0, >= 1.0.9)
      eventmachine (~> 1.0, >= 1.0.4)
      rack (>= 1, < 3)
    tilt (2.0.10)

PLATFORMS
  ruby

DEPENDENCIES
  erubis
  httparty
  newrelic_rpm
  pony
  pony-test!
  rack-test
  sinatra
  test-unit
  thin

RUBY VERSION
   ruby 2.6.6p146

BUNDLED WITH
   1.17.2
